PATH
  remote: .
  specs:
    process_watcher (0.4.1)

GEM
  remote: http://rubygems.org/
  specs:
    rspec (1.3.0)

PLATFORMS
  ruby

DEPENDENCIES
  process_watcher!
  rspec (~> 1.3)
