PATH
  remote: .
  specs:
    process_watcher (0.4.1)

GEM
  remote: http://rubygems.org/
  specs:
    rake (0.8.7)
    rspec (1.3.0)
    win32-api (1.4.5-x86-mswin32)
    win32-process (0.6.1)
      windows-pr (>= 1.0.5)
    windows-api (0.4.0)
      win32-api (>= 1.4.5)
    windows-pr (1.0.8)
      win32-api (>= 1.4.5)
      windows-api (>= 0.3.0)

PLATFORMS
  ruby
  x86-mswin32

DEPENDENCIES
  process_watcher!
  rake (= 0.8.7)
  rspec (~> 1.3)
  win32-api (= 1.4.5)
  win32-process (= 0.6.1)
  windows-api (= 0.4.0)
  windows-pr (= 1.0.8)
