PATH
  remote: .
  specs:
    process_watcher (0.1)

GEM
  remote: http://rubygems.org/
  specs:
    rspec (1.3.0)
    win32-api (1.4.6)
    win32-process (0.6.2)
      windows-pr (>= 1.0.5)
    windows-api (0.4.0)
      win32-api (>= 1.4.5)
    windows-pr (1.0.9)
      win32-api (>= 1.4.5)
      windows-api (>= 0.3.0)

PLATFORMS
  ruby

DEPENDENCIES
  process_watcher!
  rspec (~> 1.3)
  win32-process (~> 0.6.1)
